GEM
  remote: https://rubygems.org/
  specs:
    byebug (11.1.3)
    google-protobuf (3.23.4-x86_64-darwin)
    googleapis-common-protos-types (1.12.0)
      google-protobuf (~> 3.18)
    grpc (1.58.0-x86_64-darwin)
      google-protobuf (~> 3.23)
      googleapis-common-protos-types (~> 1.0)
    grpc-tools (1.64.0)

PLATFORMS
  x86_64-darwin-21

DEPENDENCIES
  byebug
  grpc (~> 1.58)
  grpc-tools (~> 1.58)

RUBY VERSION
   ruby 2.6.6p146

BUNDLED WITH
   2.4.11
